GEM
  remote: https://rubygems.org/
  specs:
    OptionParser (0.5.1)
    mini_portile2 (2.3.0)
    nokogiri (1.8.2)
      mini_portile2 (~> 2.3.0)
    passenger (5.1.0)
      rack
      rake (>= 0.8.1)
    rack (2.0.1)
    rake (11.3.0)
    safe_yaml (1.0.4)

PLATFORMS
  ruby

DEPENDENCIES
  OptionParser (= 0.5.1)
  nokogiri (= 1.8.2)
  passenger (= 5.1.0)
  rack (= 2.0.1)
  rake (= 11.3.0)
  safe_yaml (= 1.0.4)

RUBY VERSION
   ruby 2.4.4p296

BUNDLED WITH
   1.16.4
