GEM
  remote: https://rubygems.org/
  specs:
    OptionParser (0.5.1)
    mini_portile2 (2.1.0)
    nokogiri (1.6.8)
      mini_portile2 (~> 2.1.0)
      pkg-config (~> 1.1.7)
    pkg-config (1.1.7)
    safe_yaml (1.0.4)

PLATFORMS
  ruby

DEPENDENCIES
  OptionParser
  nokogiri
  safe_yaml

RUBY VERSION
   ruby 2.3.0p0

BUNDLED WITH
   1.12.5
