GEM
  remote: https://rubygems.org/
  specs:
    OptionParser (0.5.1)
    mini_portile2 (2.3.0)
    mustermann (1.0.3)
    nokogiri (1.8.2)
      mini_portile2 (~> 2.3.0)
    passenger (5.1.0)
      rack
      rake (>= 0.8.1)
    rack (2.0.1)
    rack-protection (2.0.4)
      rack
    rake (11.3.0)
    shotgun (0.9.2)
      rack (>= 1.0)
    sinatra (2.0.4)
      mustermann (~> 1.0)
      rack (~> 2.0)
      rack-protection (= 2.0.4)
      tilt (~> 2.0)
    tilt (2.0.8)

PLATFORMS
  ruby

DEPENDENCIES
  OptionParser (= 0.5.1)
  nokogiri (= 1.8.2)
  passenger (= 5.1.0)
  rack (= 2.0.1)
  rake (= 11.3.0)
  shotgun (= 0.9.2)
  sinatra (= 2.0.4)

RUBY VERSION
   ruby 2.4.4p296

BUNDLED WITH
   1.16.4
